PATH
  remote: .
  specs:
    sunspot_mongomapper (0.0.7)
      mongo_mapper
      resque
      sunspot (>= 1.1.0)
      sunspot_mongomapper
      sunspot_rails (>= 1.1.0)

GEM
  remote: http://rubygems.org/
  specs:
    activesupport (3.2.8)
      i18n (~> 0.6)
      multi_json (~> 1.0)
    bson (1.9.2)
    builder (3.2.2)
    git (1.2.5)
    i18n (0.6.1)
    jeweler (1.8.4)
      bundler (~> 1.0)
      git (>= 1.2.5)
      rake
      rdoc
    jnunemaker-validatable (1.8.4)
      activesupport (>= 2.3.4)
    json (1.7.5)
    mini_portile (0.5.2)
    mongo (1.9.2)
      bson (~> 1.9.2)
    mongo_mapper (0.8.6)
      activesupport (>= 2.3.4)
      jnunemaker-validatable (~> 1.8.4)
      plucky (~> 0.3.6)
    mono_logger (1.1.0)
    multi_json (1.3.6)
    nokogiri (1.6.1)
      mini_portile (~> 0.5.0)
    plucky (0.3.8)
      mongo (~> 1.3)
    pr_geohash (1.0.0)
    rack (1.5.2)
    rack-protection (1.5.2)
      rack
    rake (0.9.2.2)
    rdoc (3.12)
      json (~> 1.4)
    redis (3.0.7)
    redis-namespace (1.4.1)
      redis (~> 3.0.4)
    resque (1.25.2)
      mono_logger (~> 1.0)
      multi_json (~> 1.0)
      redis-namespace (~> 1.3)
      sinatra (>= 0.9.2)
      vegas (~> 0.1.2)
    rr (1.0.4)
    rsolr (1.0.9)
      builder (>= 2.1.2)
    shoulda (3.1.1)
      shoulda-context (~> 1.0)
      shoulda-matchers (~> 1.2)
    shoulda-context (1.0.0)
    shoulda-matchers (1.3.0)
      activesupport (>= 3.0.0)
    sinatra (1.4.4)
      rack (~> 1.4)
      rack-protection (~> 1.4)
      tilt (~> 1.3, >= 1.3.4)
    sunspot (2.0.0)
      pr_geohash (~> 1.0)
      rsolr (~> 1.0.7)
    sunspot_rails (2.0.0)
      nokogiri
      sunspot (= 2.0.0)
    tilt (1.4.1)
    vegas (0.1.11)
      rack (>= 1.0.0)

PLATFORMS
  ruby

DEPENDENCIES
  jeweler
  rake
  rr
  shoulda
  sunspot_mongomapper!
